GEM
  remote: http://rubygems.org/
  specs:
    daemons (1.1.5)
    eventmachine (0.12.10)
    haml (3.1.2)
    nokogiri (1.4.4)
    rack (1.4.0)
    rack-cache (1.1)
      rack (>= 0.4)
    rack-protection (1.1.4)
      rack
    sinatra (1.3.1)
      rack (~> 1.3, >= 1.3.4)
      rack-protection (~> 1.1, >= 1.1.2)
      tilt (~> 1.3, >= 1.3.3)
    thin (1.2.11)
      daemons (>= 1.0.9)
      eventmachine (>= 0.12.6)
      rack (>= 1.0.0)
    tilt (1.3.3)

PLATFORMS
  ruby

DEPENDENCIES
  haml (= 3.1.2)
  nokogiri (= 1.4.4)
  rack-cache (= 1.1)
  sinatra (= 1.3.1)
  thin (= 1.2.11)
